PATH
  remote: .
  specs:
    oocairo (0.0.1)
      cairo
      pkg-config

GEM
  remote: https://rubygems.org/
  specs:
    cairo (1.12.4)
      pkg-config
    metaclass (0.0.1)
    mocha (0.13.3)
      metaclass (~> 0.0.1)
    pkg-config (1.1.4)
    rake (12.3.3)

PLATFORMS
  ruby

DEPENDENCIES
  bundler
  mocha
  oocairo!
  rake
