PATH
  remote: .
  specs:
    oocairo (0.0.1)
      cairo
      pkg-config

GEM
  remote: https://rubygems.org/
  specs:
    cairo (1.12.4)
      pkg-config
    pkg-config (1.1.4)
    rake (10.0.3)

PLATFORMS
  ruby

DEPENDENCIES
  bundler
  oocairo!
  rake
